PATH
  remote: .
  specs:
    campfire_bot (0.0.2)
      tinder (= 1.4.0)

GEM
  remote: http://rubygems.org/
  specs:
    activesupport (3.0.3)
    crack (0.1.8)
    diff-lcs (1.1.2)
    eventmachine (0.12.10)
    httparty (0.6.1)
      crack (= 0.1.8)
    mime-types (1.16)
    rake (0.8.7)
    roauth (0.0.3)
    rspec (2.1.0)
      rspec-core (~> 2.1.0)
      rspec-expectations (~> 2.1.0)
      rspec-mocks (~> 2.1.0)
    rspec-core (2.1.0)
    rspec-expectations (2.1.0)
      diff-lcs (~> 1.1.2)
    rspec-mocks (2.1.0)
    tinder (1.4.0)
      activesupport
      eventmachine
      httparty
      mime-types
      twitter-stream
    twitter-stream (0.1.10)
      eventmachine (>= 0.12.8)
      roauth (>= 0.0.2)

PLATFORMS
  ruby

DEPENDENCIES
  campfire_bot!
  rake (~> 0.8.7)
  rspec (~> 2.1.0)
  tinder (= 1.4.0)

METADATA
  version: 1.0.6
